PATH
  remote: .
  specs:
    s3_website (3.4.0)
      colored (= 1.2)
      configure-s3-website (= 2.3.0)
      dotenv (~> 1.0)
      thor (~> 0.18)

GEM
  remote: http://rubygems.org/
  specs:
    addressable (2.3.8)
    aws-sdk (2.11.173)
      aws-sdk-resources (= 2.11.173)
    aws-sdk-core (2.11.173)
      aws-sigv4 (~> 1.0)
      jmespath (~> 1.0)
    aws-sdk-resources (2.11.173)
      aws-sdk-core (= 2.11.173)
    aws-sigv4 (1.0.3)
    colored (1.2)
    configure-s3-website (2.3.0)
      aws-sdk (~> 2)
      deep_merge (~> 1.0.0)
    deep_merge (1.0.1)
    dotenv (1.0.2)
    faraday (0.9.2)
      multipart-post (>= 1.2, < 3)
    jmespath (1.4.0)
    mime-types (3.2.2)
      mime-types-data (~> 3.2015)
    mime-types-data (3.2018.0812)
    multipart-post (2.0.0)
    octokit (3.1.0)
      sawyer (~> 0.5.3)
    rake (10.1.1)
    sawyer (0.5.5)
      addressable (~> 2.3.5)
      faraday (~> 0.8, < 0.10)
    thor (0.20.3)

PLATFORMS
  ruby

DEPENDENCIES
  mime-types
  octokit (= 3.1.0)
  rake (= 10.1.1)
  s3_website!

BUNDLED WITH
   1.16.6
